GIT
  remote: git://github.com/vloek/blackjack2.git
  revision: 4995304b8428275dd499d6f3db885d6e03442ae2
  specs:
    blackjack2 (0.0.1)

GEM
  remote: http://rubygems.org/
  specs:
    json (1.8.2)
    rack (1.6.1)
    rack-protection (1.5.3)
      rack
    sinatra (1.4.6)
      rack (~> 1.4)
      rack-protection (~> 1.4)
      tilt (>= 1.3, < 3)
    slim (3.0.3)
      temple (~> 0.7.3)
      tilt (>= 1.3.3, < 2.1)
    temple (0.7.5)
    tilt (2.0.1)

PLATFORMS
  ruby

DEPENDENCIES
  blackjack2!
  json
  sinatra
  slim
